GEM
  remote: https://rubygems.org/
  specs:
    activemodel (6.0.1)
      activesupport (= 6.0.1)
    activesupport (6.0.1)
      concurrent-ruby (~> 1.0, >= 1.0.2)
      i18n (>= 0.7, < 2)
      minitest (~> 5.1)
      tzinfo (~> 1.1)
      zeitwerk (~> 2.2)
    addressable (2.7.0)
      public_suffix (>= 2.0.2, < 5.0)
    aes_key_wrap (1.0.1)
    ansi (1.5.0)
    attr_required (1.0.1)
    aws-eventstream (1.0.3)
    aws-partitions (1.239.0)
    aws-sdk-core (3.77.0)
      aws-eventstream (~> 1.0, >= 1.0.2)
      aws-partitions (~> 1, >= 1.239.0)
      aws-sigv4 (~> 1.1)
      jmespath (~> 1.0)
    aws-sdk-ec2 (1.115.0)
      aws-sdk-core (~> 3, >= 3.71.0)
      aws-sigv4 (~> 1.1)
    aws-sdk-elasticsearchservice (1.28.0)
      aws-sdk-core (~> 3, >= 3.71.0)
      aws-sigv4 (~> 1.1)
    aws-sdk-iam (1.31.0)
      aws-sdk-core (~> 3, >= 3.71.0)
      aws-sigv4 (~> 1.1)
    aws-sigv4 (1.1.0)
      aws-eventstream (~> 1.0, >= 1.0.2)
    bindata (2.4.4)
    byebug (11.0.1)
    coderay (1.1.2)
    concurrent-ruby (1.1.5)
    domain_name (0.5.20190701)
      unf (>= 0.0.5, < 1.0.0)
    elasticsearch (7.4.0)
      elasticsearch-api (= 7.4.0)
      elasticsearch-transport (= 7.4.0)
    elasticsearch-api (7.4.0)
      multi_json
    elasticsearch-transport (7.4.0)
      faraday
      multi_json
    faraday (0.17.0)
      multipart-post (>= 1.2, < 3)
    faraday_middleware (0.10.1)
      faraday (>= 0.7.4, < 1.0)
    faraday_middleware-aws-sigv4 (0.3.0)
      aws-sigv4 (~> 1.0)
      faraday (>= 0.15)
    ffi (1.11.2)
    ffi-compiler (1.0.1)
      ffi (>= 1.0.0)
      rake
    http (4.2.0)
      addressable (~> 2.3)
      http-cookie (~> 1.0)
      http-form_data (~> 2.0)
      http-parser (~> 1.2.0)
    http-accept (1.7.0)
    http-cookie (1.0.3)
      domain_name (~> 0.5)
    http-form_data (2.1.1)
    http-parser (1.2.1)
      ffi-compiler (>= 1.0, < 2.0)
    httpclient (2.8.3)
    i18n (1.7.0)
      concurrent-ruby (~> 1.0)
    jmespath (1.4.0)
    json-jwt (1.11.0)
      activesupport (>= 4.2)
      aes_key_wrap
      bindata
    kubeclient (4.5.0)
      http (>= 3.0, < 5.0)
      recursive-open-struct (~> 1.0, >= 1.0.4)
      rest-client (~> 2.0)
    mail (2.7.1)
      mini_mime (>= 0.1.1)
    method_source (0.9.2)
    mime-types (3.3)
      mime-types-data (~> 3.2015)
    mime-types-data (3.2019.1009)
    mini_mime (1.0.2)
    minitest (5.13.0)
    multi_json (1.14.1)
    multipart-post (2.1.1)
    netrc (0.11.0)
    openid_connect (1.1.8)
      activemodel
      attr_required (>= 1.0.0)
      json-jwt (>= 1.5.0)
      rack-oauth2 (>= 1.6.1)
      swd (>= 1.0.0)
      tzinfo
      validate_email
      validate_url
      webfinger (>= 1.0.1)
    pry (0.12.2)
      coderay (~> 1.1.0)
      method_source (~> 0.9.0)
    pry-byebug (3.7.0)
      byebug (~> 11.0)
      pry (~> 0.10)
    public_suffix (4.0.1)
    rack (2.0.7)
    rack-oauth2 (1.10.0)
      activesupport
      attr_required
      httpclient
      json-jwt (>= 1.9.0)
      rack
    rake (13.0.1)
    random-word-generator (0.0.1)
      sqlite3-ruby (>= 1.2.1)
    recursive-open-struct (1.1.0)
    rest-client (2.1.0)
      http-accept (>= 1.7.0, < 2.0)
      http-cookie (>= 1.0.2, < 2.0)
      mime-types (>= 1.16, < 4.0)
      netrc (~> 0.8)
    sqlite3 (1.3.13)
    sqlite3-ruby (1.3.3)
      sqlite3 (>= 1.3.3)
    swd (1.1.2)
      activesupport (>= 3)
      attr_required (>= 0.0.5)
      httpclient (>= 2.4)
    thread_safe (0.3.6)
    tzinfo (1.2.5)
      thread_safe (~> 0.1)
    tzinfo-data (1.2019.3)
      tzinfo (>= 1.0.0)
    unf (0.1.4)
      unf_ext
    unf_ext (0.0.7.6)
    validate_email (0.1.6)
      activemodel (>= 3.0)
      mail (>= 2.2.5)
    validate_url (1.0.8)
      activemodel (>= 3.0.0)
      public_suffix
    webfinger (1.1.0)
      activesupport
      httpclient (>= 2.4)
    zeitwerk (2.2.1)

PLATFORMS
  ruby

DEPENDENCIES
  ansi (~> 1.5)
  aws-sdk-core (~> 3.59)
  aws-sdk-ec2 (~> 1)
  aws-sdk-elasticsearchservice (~> 1.28)
  aws-sdk-iam (~> 1.3)
  elasticsearch (~> 7.4)
  faraday_middleware (~> 0.10.0)
  faraday_middleware-aws-sigv4 (~> 0.3.0)
  kubeclient
  openid_connect
  pry-byebug
  random-word-generator (~> 0.0.1)
  sqlite3 (~> 1.3.6)
  sqlite3-ruby (~> 1.3, >= 1.3.3)
  tzinfo-data

BUNDLED WITH
   2.0.2
